GEM
  remote: https://gems.ruby-china.org/
  specs:
    equatable (0.5.0)
    json (1.8.3)
    necromancer (0.3.0)
    pastel (0.6.1)
      equatable (~> 0.5.0)
      tty-color (~> 0.3.0)
    tty-color (0.3.0)
    tty-cursor (0.2.0)
    tty-platform (0.1.0)
    tty-prompt (0.5.0)
      necromancer (~> 0.3.0)
      pastel (~> 0.6.0)
      tty-cursor (~> 0.2.0)
      tty-platform (~> 0.1.0)
      wisper (~> 1.6.1)
    wisper (1.6.1)

PLATFORMS
  ruby

DEPENDENCIES
  json (= 1.8.3)
  tty-prompt

BUNDLED WITH
   1.11.2
